GEM
  remote: http://rubygems.org/
  specs:
    diff-lcs (1.2.5)
    parslet (2.0.0)
    pastel (0.8.0)
      tty-color (~> 0.5)
    rake (12.3.3)
    rspec (2.14.1)
      rspec-core (~> 2.14.0)
      rspec-expectations (~> 2.14.0)
      rspec-mocks (~> 2.14.0)
    rspec-core (2.14.8)
    rspec-expectations (2.14.5)
      diff-lcs (>= 1.1.3, < 2.0)
    rspec-mocks (2.14.6)
    thor (1.1.0)
    tty-color (0.6.0)
    vim-flavor (4.0.1)
      parslet (>= 1.8, < 3.0)
      pastel (~> 0.7)
      thor (>= 0.20, < 2.0)
    vimrunner (0.3.1)

PLATFORMS
  ruby

DEPENDENCIES
  rake (= 12.3.3)
  rspec
  vim-flavor (~> 4.0)
  vimrunner

BUNDLED WITH
   2.2.32
